GEM
  remote: http://rubygems.org/
  specs:
    chunky_png (1.3.3)
    compass (1.0.1)
      chunky_png (~> 1.2)
      compass-core (~> 1.0.1)
      compass-import-once (~> 1.0.5)
      rb-fsevent (>= 0.9.3)
      rb-inotify (>= 0.9)
      sass (>= 3.3.13, < 3.5)
    compass-core (1.0.1)
      multi_json (~> 1.0)
      sass (>= 3.3.0, < 3.5)
    compass-h5bp (0.1.2)
      compass
    compass-import-once (1.0.5)
      sass (>= 3.2, < 3.5)
    ffi (1.9.6)
    ffi (1.9.6-x86-mingw32)
    multi_json (1.10.1)
    oily_png (1.1.2)
      chunky_png (~> 1.3.1)
    rb-fsevent (0.9.4)
    rb-inotify (0.9.5)
      ffi (>= 0.5.0)
    sass (3.4.9)
    wdm (0.1.0)

PLATFORMS
  ruby
  x86-mingw32

DEPENDENCIES
  compass (>= 1.0.1)
  compass-h5bp (>= 0.1.2)
  oily_png (~> 1.1.1)
  sass (>= 3.4.9)
  wdm (>= 0.1.0)
